GEM
  remote: https://rubygems.org/
  specs:
    actionmailer (3.2.11)
      actionpack (= 3.2.11)
      mail (~> 2.4.4)
    actionpack (3.2.11)
      activemodel (= 3.2.11)
      activesupport (= 3.2.11)
      builder (~> 3.0.0)
      erubis (~> 2.7.0)
      journey (~> 1.0.4)
      rack (~> 1.4.0)
      rack-cache (~> 1.2)
      rack-test (~> 0.6.1)
      sprockets (~> 2.2.1)
    activemodel (3.2.11)
      activesupport (= 3.2.11)
      builder (~> 3.0.0)
    activerecord (3.2.11)
      activemodel (= 3.2.11)
      activesupport (= 3.2.11)
      arel (~> 3.0.2)
      tzinfo (~> 0.3.29)
    activeresource (3.2.11)
      activemodel (= 3.2.11)
      activesupport (= 3.2.11)
    activesupport (3.2.11)
      i18n (~> 0.6)
      multi_json (~> 1.0)
    addressable (2.3.2)
    arel (3.0.2)
    bcrypt-ruby (3.0.0)
    better_errors (0.5.0)
      coderay (>= 1.0.0)
      erubis (>= 2.6.6)
    binding_of_caller (0.6.8)
    bootstrap-sass (2.2.2.0)
      sass (~> 3.2)
    builder (3.0.4)
    chunky_png (1.2.7)
    coderay (1.0.8)
    coffee-rails (3.2.2)
      coffee-script (>= 2.2.0)
      railties (~> 3.2.0)
    coffee-script (2.2.0)
      coffee-script-source
      execjs
    coffee-script-source (1.4.0)
    compass (0.12.2)
      chunky_png (~> 1.2)
      fssm (>= 0.2.7)
      sass (~> 3.1)
    compass-rails (1.0.3)
      compass (>= 0.12.2, < 0.14)
    daemons (1.1.9)
    erubis (2.7.0)
    eventmachine (1.0.9.1)
    exception_notification (3.0.1)
      actionmailer (>= 3.0.4)
    excon (0.16.10)
    execjs (1.4.0)
      multi_json (~> 1.0)
    faraday (0.8.4)
      multipart-post (~> 1.1)
    fssm (0.2.9)
    haml (3.1.7)
    heroku-api (0.3.7)
      excon (~> 0.16.10)
    heroku_san (4.0.7)
      heroku-api (>= 0.1.2)
      rake
    hike (1.2.1)
    httpauth (0.2.0)
    i18n (0.6.1)
    journey (1.0.4)
    jquery-rails (2.1.4)
      railties (>= 3.0, < 5.0)
      thor (>= 0.14, < 2.0)
    json (1.7.6)
    launchy (2.2.0)
      addressable (~> 2.3)
    letter_opener (1.1.0)
      launchy (~> 2.2.0)
    mail (2.4.4)
      i18n (>= 0.4.0)
      mime-types (~> 1.16)
      treetop (~> 1.4.8)
    meta_request (0.2.1)
      rack-contrib
      rails
    mime-types (1.19)
    multi_json (1.5.0)
    multipart-post (1.1.5)
    newrelic_rpm (3.5.8.72)
    oauth (0.4.7)
    oauth2 (0.6.1)
      faraday (~> 0.7)
      httpauth (~> 0.1)
      multi_json (~> 1.3)
    pg (0.11.0)
    polyglot (0.3.3)
    quiet_assets (1.0.1)
      railties (~> 3.1)
    rack (1.4.4)
    rack-cache (1.2)
      rack (>= 0.4)
    rack-contrib (1.1.0)
      rack (>= 0.9.1)
    rack-ssl (1.3.2)
      rack
    rack-test (0.6.2)
      rack (>= 1.0)
    rails (3.2.11)
      actionmailer (= 3.2.11)
      actionpack (= 3.2.11)
      activerecord (= 3.2.11)
      activeresource (= 3.2.11)
      activesupport (= 3.2.11)
      bundler (~> 1.0)
      railties (= 3.2.11)
    railties (3.2.11)
      actionpack (= 3.2.11)
      activesupport (= 3.2.11)
      rack-ssl (~> 1.3.2)
      rake (>= 0.8.7)
      rdoc (~> 3.4)
      thor (>= 0.14.6, < 2.0)
    rake (10.0.3)
    rdoc (3.12)
      json (~> 1.4)
    sass (3.2.5)
    sass-rails (3.2.6)
      railties (~> 3.2.0)
      sass (>= 3.1.10)
      tilt (~> 1.3)
    sorcery (0.7.13)
      bcrypt-ruby (~> 3.0.0)
      oauth (~> 0.4.4)
      oauth2 (~> 0.6.0)
    sprockets (2.2.2)
      hike (~> 1.2)
      multi_json (~> 1.0)
      rack (~> 1.0)
      tilt (~> 1.1, != 1.3.0)
    thin (1.2.11)
      daemons (>= 1.0.9)
      eventmachine (>= 0.12.6)
      rack (>= 1.0.0)
    thor (0.16.0)
    tilt (1.3.3)
    treetop (1.4.12)
      polyglot
      polyglot (>= 0.3.1)
    tzinfo (0.3.35)
    uglifier (1.3.0)
      execjs (>= 0.3.0)
      multi_json (~> 1.0, >= 1.0.2)

PLATFORMS
  ruby

DEPENDENCIES
  actionmailer (= 3.2.11)
  actionpack (= 3.2.11)
  activemodel (= 3.2.11)
  activerecord (= 3.2.11)
  activeresource (= 3.2.11)
  activesupport (= 3.2.11)
  addressable (= 2.3.2)
  arel (= 3.0.2)
  bcrypt-ruby (= 3.0.0)
  better_errors (= 0.5.0)
  binding_of_caller (= 0.6.8)
  bootstrap-sass (= 2.2.2.0)
  builder (= 3.0.4)
  chunky_png (= 1.2.7)
  coderay (= 1.0.8)
  coffee-rails (= 3.2.2)
  coffee-script (= 2.2.0)
  coffee-script-source (= 1.4.0)
  compass (= 0.12.2)
  compass-rails (= 1.0.3)
  daemons (= 1.1.9)
  erubis (= 2.7.0)
  eventmachine (= 1.0.9.1)
  exception_notification (= 3.0.1)
  excon (= 0.16.10)
  execjs (= 1.4.0)
  faraday (= 0.8.4)
  fssm (= 0.2.9)
  haml (= 3.1.7)
  heroku-api (= 0.3.7)
  heroku_san (= 4.0.7)
  hike (= 1.2.1)
  httpauth (= 0.2.0)
  i18n (= 0.6.1)
  journey (= 1.0.4)
  jquery-rails (= 2.1.4)
  json (= 1.7.6)
  launchy (= 2.2.0)
  letter_opener (= 1.1.0)
  mail (= 2.4.4)
  meta_request (= 0.2.1)
  mime-types (= 1.19)
  multi_json (= 1.5.0)
  multipart-post (= 1.1.5)
  newrelic_rpm (= 3.5.8.72)
  oauth (= 0.4.7)
  oauth2 (= 0.6.1)
  pg (= 0.11.0)
  polyglot (= 0.3.3)
  quiet_assets (= 1.0.1)
  rack (= 1.4.4)
  rack-cache (= 1.2)
  rack-contrib (= 1.1.0)
  rack-ssl (= 1.3.2)
  rack-test (= 0.6.2)
  rails (= 3.2.11)
  railties (= 3.2.11)
  rake (= 10.0.3)
  rdoc (= 3.12)
  sass (= 3.2.5)
  sass-rails (= 3.2.6)
  sorcery (= 0.7.13)
  sprockets (= 2.2.2)
  thin (= 1.2.11)
  thor (= 0.16.0)
  tilt (= 1.3.3)
  treetop (= 1.4.12)
  tzinfo (= 0.3.35)
  uglifier (= 1.3.0)

RUBY VERSION
   ruby 1.9.3p551

BUNDLED WITH
   1.13.6
